GEM
  remote: http://rubygems.org/
  specs:
    bson (1.6.4)
    bson_ext (1.6.4)
      bson (~> 1.6.4)
    coderay (1.1.0)
    googlestaticmap (1.1.3)
    haml (3.1.4)
    method_source (0.8.2)
    mongo (1.6.4)
      bson (~> 1.6.4)
    pry (0.10.0)
      coderay (~> 1.1.0)
      method_source (~> 0.8.1)
      slop (~> 3.4)
    rack (1.4.1)
    rack-protection (1.2.0)
      rack
    shotgun (0.9)
      rack (>= 1.0)
    sinatra (1.3.2)
      rack (~> 1.3, >= 1.3.6)
      rack-protection (~> 1.2)
      tilt (~> 1.3, >= 1.3.3)
    slop (3.6.0)
    tilt (1.3.3)

PLATFORMS
  ruby

DEPENDENCIES
  bson_ext
  googlestaticmap
  haml
  mongo
  pry
  shotgun
  sinatra
